GEM
  remote: http://rubygems.org/
  specs:
    diff-lcs (1.1.3)
    json_spec (1.0.0)
      multi_json (~> 1.0)
      rspec (~> 2.0)
    multi_json (1.1.0)
    nokogiri (1.5.2)
    rack (1.4.1)
    rack-protection (1.2.0)
      rack
    rack-test (0.6.1)
      rack (>= 1.0)
    rspec (2.9.0)
      rspec-core (~> 2.9.0)
      rspec-expectations (~> 2.9.0)
      rspec-mocks (~> 2.9.0)
    rspec-core (2.9.0)
    rspec-expectations (2.9.0)
      diff-lcs (~> 1.1.3)
    rspec-mocks (2.9.0)
    sinatra (1.3.2)
      rack (~> 1.3, >= 1.3.6)
      rack-protection (~> 1.2)
      tilt (~> 1.3, >= 1.3.3)
    tilt (1.3.3)
    whoaz (1.0.0)
      nokogiri

PLATFORMS
  ruby

DEPENDENCIES
  json_spec
  rack-test
  rspec
  sinatra
  whoaz
