GEM
  remote: https://rubygems.org/
  specs:
    diff-lcs (1.3)
    json_spec (1.1.5)
      multi_json (~> 1.0)
      rspec (>= 2.0, < 4.0)
    mini_portile2 (2.1.0)
    multi_json (1.12.1)
    mustermann (1.0.0)
    nokogiri (1.7.1)
      mini_portile2 (~> 2.1.0)
    rack (2.0.1)
    rack-protection (2.0.0.rc2)
      rack
    rack-test (0.6.3)
      rack (>= 1.0)
    redis (3.3.3)
    rspec (3.6.0)
      rspec-core (~> 3.6.0)
      rspec-expectations (~> 3.6.0)
      rspec-mocks (~> 3.6.0)
    rspec-core (3.6.0)
      rspec-support (~> 3.6.0)
    rspec-expectations (3.6.0)
      diff-lcs (>= 1.2.0, < 2.0)
      rspec-support (~> 3.6.0)
    rspec-mocks (3.6.0)
      diff-lcs (>= 1.2.0, < 2.0)
      rspec-support (~> 3.6.0)
    rspec-support (3.6.0)
    sinatra (2.0.0.rc2)
      mustermann (= 1.0.0)
      rack (~> 2.0)
      rack-protection (= 2.0.0.rc2)
      tilt (~> 2.0)
    tilt (2.0.7)
    whoaz (2.0.0)
      nokogiri

PLATFORMS
  ruby

DEPENDENCIES
  json_spec
  rack-test
  redis
  rspec
  sinatra (= 2.0.0.rc2)
  whoaz (~> 2.0)

BUNDLED WITH
   1.14.4
